GEM
  remote: https://rubygems.org/
  specs:
    eventmachine (1.2.5)
    faye-websocket (0.10.7)
      eventmachine (>= 0.12.0)
      websocket-driver (>= 0.5.1)
    pg (1.0.0)
    puma (3.11.2)
    rack (2.0.3)
    rake (12.3.0)
    redis (4.0.1)
    sequel (5.5.0)
    websocket-driver (0.7.0)
      websocket-extensions (>= 0.1.0)
    websocket-extensions (0.1.3)

PLATFORMS
  ruby

DEPENDENCIES
  faye-websocket
  pg
  puma
  rack
  rake
  redis
  sequel

BUNDLED WITH
   1.16.1
